GIT
  remote: git://github.chi.matasano.com/td/airby.git
  revision: c2df9344b36f56b0f26dcbf1d60d288142765db6
  branch: master
  specs:
    airby (0.1.0)
      ffi (~> 1.9.0)

GIT
  remote: git://github.chi.matasano.com/td/ds1102d.git
  revision: a9265ee795bc3e3b49e5bb6742fa1f353e400ea6
  branch: master
  specs:
    ds1102d (0.2.2)
      airby (~> 0.1.0)

GEM
  remote: https://rubygems.org/
  specs:
    addressable (2.3.5)
    builder (3.2.2)
    bundler-unload (1.0.2)
    executable-hooks (1.2.6)
    faraday (0.8.8)
      multipart-post (~> 1.2.0)
    ffi (1.9.3)
    git (1.2.6)
    github_api (0.10.1)
      addressable
      faraday (~> 0.8.1)
      hashie (>= 1.2)
      multi_json (~> 1.4)
      nokogiri (~> 1.5.2)
      oauth2
    hashie (2.0.5)
    highline (1.6.20)
    httpauth (0.2.0)
    jeweler (1.8.8)
      builder
      bundler (~> 1.0)
      git (>= 1.2.5)
      github_api (= 0.10.1)
      highline (>= 1.6.15)
      nokogiri (= 1.5.10)
      rake
      rdoc
    json (1.8.1)
    jwt (0.1.8)
      multi_json (>= 1.5)
    multi_json (1.8.2)
    multi_xml (0.5.5)
    multipart-post (1.2.0)
    nokogiri (1.5.10)
    oauth2 (0.9.2)
      faraday (~> 0.8)
      httpauth (~> 0.2)
      jwt (~> 0.1.4)
      multi_json (~> 1.0)
      multi_xml (~> 0.5)
      rack (~> 1.2)
    rack (1.5.2)
    rake (10.1.0)
    rdoc (4.0.1)
      json (~> 1.4)
    rubygems-bundler (1.4.2)
      bundler-unload (>= 1.0.2)
      executable-hooks (>= 1.2.5)
    serialport (1.1.0)
    yard (0.8.7.3)

PLATFORMS
  ruby

DEPENDENCIES
  airby (~> 0.1.0)!
  bundler (~> 1.0)
  ds1102d (~> 0.2.2)!
  jeweler (~> 1.8.7)
  rubygems-bundler (~> 1.4.2)
  serialport (~> 1.1.0)
  yard (~> 0.8.7)
