GIT
  remote: git://github.chi.matasano.com/td/airby.git
  revision: f3cda29f4b8d4c74cb70a09a9aeff766807de414
  branch: master
  specs:
    airby (0.1.0)
      ffi (~> 1.9.0)

GIT
  remote: git://github.chi.matasano.com/td/ds1102d.git
  revision: 704fdaf21168e563dacda45190b64d13d8363c3a
  branch: master
  specs:
    ds1102d (0.2.2)
      airby (~> 0.1.0)

GEM
  remote: https://rubygems.org/
  specs:
    actionpack (4.0.1)
      activesupport (= 4.0.1)
      builder (~> 3.1.0)
      erubis (~> 2.7.0)
      rack (~> 1.5.2)
      rack-test (~> 0.6.2)
    active_record_migrations (4.0.1.0)
      activerecord (= 4.0.1)
      railties (= 4.0.1)
      rake
    activemodel (4.0.1)
      activesupport (= 4.0.1)
      builder (~> 3.1.0)
    activerecord (4.0.1)
      activemodel (= 4.0.1)
      activerecord-deprecated_finders (~> 1.0.2)
      activesupport (= 4.0.1)
      arel (~> 4.0.0)
    activerecord-deprecated_finders (1.0.3)
    activesupport (4.0.1)
      i18n (~> 0.6, >= 0.6.4)
      minitest (~> 4.2)
      multi_json (~> 1.3)
      thread_safe (~> 0.1)
      tzinfo (~> 0.3.37)
    addressable (2.3.5)
    arel (4.0.1)
    atomic (1.1.14)
    builder (3.1.4)
    bundler-unload (1.0.2)
    erubis (2.7.0)
    executable-hooks (1.2.6)
    faraday (0.8.8)
      multipart-post (~> 1.2.0)
    ffi (1.9.3)
    git (1.2.6)
    github_api (0.10.1)
      addressable
      faraday (~> 0.8.1)
      hashie (>= 1.2)
      multi_json (~> 1.4)
      nokogiri (~> 1.5.2)
      oauth2
    hashie (2.0.5)
    highline (1.6.20)
    httpauth (0.2.0)
    i18n (0.6.9)
    jeweler (1.8.8)
      builder
      bundler (~> 1.0)
      git (>= 1.2.5)
      github_api (= 0.10.1)
      highline (>= 1.6.15)
      nokogiri (= 1.5.10)
      rake
      rdoc
    json (1.8.1)
    jwt (0.1.8)
      multi_json (>= 1.5)
    minitest (4.7.5)
    multi_json (1.8.2)
    multi_xml (0.5.5)
    multipart-post (1.2.0)
    nokogiri (1.5.10)
    oauth2 (0.9.2)
      faraday (~> 0.8)
      httpauth (~> 0.2)
      jwt (~> 0.1.4)
      multi_json (~> 1.0)
      multi_xml (~> 0.5)
      rack (~> 1.2)
    pg (0.17.1)
    rack (1.5.2)
    rack-test (0.6.2)
      rack (>= 1.0)
    railties (4.0.1)
      actionpack (= 4.0.1)
      activesupport (= 4.0.1)
      rake (>= 0.8.7)
      thor (>= 0.18.1, < 2.0)
    rake (10.1.1)
    rdoc (4.1.0)
      json (~> 1.4)
    rubygems-bundler (1.4.2)
      bundler-unload (>= 1.0.2)
      executable-hooks (>= 1.2.5)
    serialport (1.1.0)
    thor (0.18.1)
    thread_safe (0.1.3)
      atomic
    tzinfo (0.3.38)
    yard (0.8.7.3)

PLATFORMS
  ruby

DEPENDENCIES
  active_record_migrations (~> 4.0.1)
  activerecord (~> 4.0.1)
  airby (~> 0.1.0)!
  bundler (~> 1.0)
  ds1102d (~> 0.2.2)!
  jeweler (~> 1.8.7)
  pg (~> 0.17.0)
  rubygems-bundler (~> 1.4.2)
  serialport (~> 1.1.0)
  yard (~> 0.8.7)
